STORAGE: NONE
RESTRICTION: == net9.0
NUGET
  remote: https://api.nuget.org/v3/index.json
    BlackFox.VsWhere (1.1)
      FSharp.Core (>= 4.2.3)
      Microsoft.Win32.Registry (>= 4.7)
    Expecto (10.2.1)
      FSharp.Core (>= 7.0.200)
      Mono.Cecil (>= 0.11.4 < 1.0)
    Fable.AST (4.4)
    Fable.Browser.Blob (1.4)
      Fable.Core (>= 3.2.8)
      FSharp.Core (>= 4.7.2)
    Fable.Browser.Dom (2.16)
      Fable.Browser.Blob (>= 1.3)
      Fable.Browser.Event (>= 1.5)
      Fable.Browser.WebStorage (>= 1.2)
      Fable.Core (>= 3.2.8)
      FSharp.Core (>= 4.7.2)
    Fable.Browser.Event (1.6)
      Fable.Browser.Gamepad (>= 1.3)
      Fable.Core (>= 3.2.8)
      FSharp.Core (>= 4.7.2)
    Fable.Browser.Gamepad (1.3)
      Fable.Core (>= 3.2.8)
      FSharp.Core (>= 4.7.2)
    Fable.Browser.WebStorage (1.3)
      Fable.Browser.Event (>= 1.6)
      Fable.Core (>= 3.2.8)
      FSharp.Core (>= 4.7.2)
    Fable.Browser.XMLHttpRequest (1.4)
      Fable.Browser.Blob (>= 1.4)
      Fable.Browser.Event (>= 1.6)
      Fable.Core (>= 3.2.8)
      FSharp.Core (>= 4.7.2)
    Fable.Core (4.3)
    Fable.Elmish (4.2)
      Fable.Core (>= 3.7.1)
      FSharp.Core (>= 4.7.2)
    Fable.Elmish.Debugger (4.1)
      Fable.Elmish (>= 4.2)
      FSharp.Core (>= 6.0.7)
      Thoth.Json (>= 6.0)
    Fable.Elmish.React (4.0)
      Fable.Elmish (>= 4.0)
      Fable.ReactDom.Types (>= 18.0)
      FSharp.Core (>= 4.7.2)
    Fable.FontAwesome (3.0)
      Fable.Core (>= 3.7.1)
      Fable.React (>= 9.2)
    Fable.FontAwesome.Free (3.0)
      Fable.Core (>= 3.7.1)
      Fable.FontAwesome (>= 3.0)
      Fable.React (>= 9.2)
    Fable.Mocha (2.17)
      Fable.Core (>= 3.0)
      FSharp.Core (>= 4.7)
    Fable.Parsimmon (4.1)
      Fable.Core (>= 3.0)
      FSharp.Core (>= 4.6.2)
    Fable.React (9.3)
      Fable.React.Types (>= 18.3)
      Fable.ReactDom.Types (>= 18.2)
      FSharp.Core (>= 4.7.2)
    Fable.React.Types (18.3)
      Fable.Browser.Dom (>= 2.4.4)
      Fable.Core (>= 3.2.7)
      FSharp.Core (>= 4.7.2)
    Fable.ReactDom.Types (18.2)
      Fable.React.Types (>= 18.3)
      FSharp.Core (>= 4.7.2)
    Fable.Remoting.Client (7.32)
      Fable.Browser.XMLHttpRequest (>= 1.0)
      Fable.Core (>= 3.1.5)
      Fable.Remoting.MsgPack (>= 1.24)
      Fable.SimpleJson (>= 3.24)
      FSharp.Core (>= 4.7.2)
    Fable.Remoting.Giraffe (5.20)
      Fable.Remoting.Server (>= 5.38)
      FSharp.Core (>= 6.0)
      Giraffe (>= 5.0)
      Microsoft.IO.RecyclableMemoryStream (>= 3.0 < 4.0)
    Fable.Remoting.Json (2.24)
      FSharp.Core (>= 6.0)
      Newtonsoft.Json (>= 12.0.2)
    Fable.Remoting.MsgPack (1.24)
      FSharp.Core (>= 4.7.2)
    Fable.Remoting.Server (5.38)
      Fable.Remoting.Json (>= 2.24)
      Fable.Remoting.MsgPack (>= 1.24)
      FSharp.Core (>= 6.0)
      Microsoft.IO.RecyclableMemoryStream (>= 3.0 < 4.0)
    Fable.SimpleJson (3.24)
      Fable.Core (>= 3.1.5)
      Fable.Parsimmon (>= 4.0)
      FSharp.Core (>= 4.7)
    Fake.Core.CommandLineParsing (6.1)
      FParsec (>= 1.1.1)
      FSharp.Core (>= 8.0.301)
    Fake.Core.Context (6.1)
      FSharp.Core (>= 8.0.301)
    Fake.Core.Environment (6.1)
      FSharp.Core (>= 8.0.301)
    Fake.Core.FakeVar (6.1)
      Fake.Core.Context (>= 6.1)
      FSharp.Core (>= 8.0.301)
    Fake.Core.Process (6.1)
      Fake.Core.Environment (>= 6.1)
      Fake.Core.FakeVar (>= 6.1)
      Fake.Core.String (>= 6.1)
      Fake.Core.Trace (>= 6.1)
      Fake.IO.FileSystem (>= 6.1)
      FSharp.Core (>= 8.0.301)
      System.Collections.Immutable (>= 8.0)
    Fake.Core.ReleaseNotes (6.1)
      Fake.Core.SemVer (>= 6.1)
      Fake.Core.String (>= 6.1)
      FSharp.Core (>= 8.0.301)
    Fake.Core.SemVer (6.1)
      FSharp.Core (>= 8.0.301)
    Fake.Core.String (6.1)
      FSharp.Core (>= 8.0.301)
    Fake.Core.Target (6.1)
      Fake.Core.CommandLineParsing (>= 6.1)
      Fake.Core.Context (>= 6.1)
      Fake.Core.Environment (>= 6.1)
      Fake.Core.FakeVar (>= 6.1)
      Fake.Core.Process (>= 6.1)
      Fake.Core.String (>= 6.1)
      Fake.Core.Trace (>= 6.1)
      FSharp.Control.Reactive (>= 5.0.2)
      FSharp.Core (>= 8.0.301)
    Fake.Core.Tasks (6.1)
      Fake.Core.Trace (>= 6.1)
      FSharp.Core (>= 8.0.301)
    Fake.Core.Trace (6.1)
      Fake.Core.Environment (>= 6.1)
      Fake.Core.FakeVar (>= 6.1)
      FSharp.Core (>= 8.0.301)
    Fake.Core.UserInput (6.1)
      FSharp.Core (>= 8.0.301)
    Fake.Core.Xml (6.1)
      Fake.Core.String (>= 6.1)
      FSharp.Core (>= 8.0.301)
    Fake.DotNet.Cli (6.1)
      Fake.Core.Environment (>= 6.1)
      Fake.Core.Process (>= 6.1)
      Fake.Core.String (>= 6.1)
      Fake.Core.Trace (>= 6.1)
      Fake.DotNet.MSBuild (>= 6.1)
      Fake.DotNet.NuGet (>= 6.1)
      Fake.IO.FileSystem (>= 6.1)
      FSharp.Core (>= 8.0.301)
      Mono.Posix.NETStandard (>= 1.0)
      Newtonsoft.Json (>= 13.0.3)
    Fake.DotNet.MSBuild (6.1)
      BlackFox.VsWhere (>= 1.1)
      Fake.Core.Environment (>= 6.1)
      Fake.Core.Process (>= 6.1)
      Fake.Core.String (>= 6.1)
      Fake.Core.Trace (>= 6.1)
      Fake.IO.FileSystem (>= 6.1)
      FSharp.Core (>= 8.0.301)
      MSBuild.StructuredLogger (>= 2.1.815)
    Fake.DotNet.NuGet (6.1)
      Fake.Core.Environment (>= 6.1)
      Fake.Core.Process (>= 6.1)
      Fake.Core.SemVer (>= 6.1)
      Fake.Core.String (>= 6.1)
      Fake.Core.Tasks (>= 6.1)
      Fake.Core.Trace (>= 6.1)
      Fake.Core.Xml (>= 6.1)
      Fake.IO.FileSystem (>= 6.1)
      Fake.Net.Http (>= 6.1)
      FSharp.Core (>= 8.0.301)
      Newtonsoft.Json (>= 13.0.3)
      NuGet.Protocol (>= 6.10.1)
    Fake.IO.FileSystem (6.1)
      Fake.Core.String (>= 6.1)
      Fake.Core.Trace (>= 6.1)
      FSharp.Core (>= 8.0.301)
    Fake.Net.Http (6.1)
      Fake.Core.Trace (>= 6.1)
      FSharp.Core (>= 8.0.301)
    Fake.Tools.Git (6.1)
      Fake.Core.Environment (>= 6.1)
      Fake.Core.Process (>= 6.1)
      Fake.Core.SemVer (>= 6.1)
      Fake.Core.String (>= 6.1)
      Fake.Core.Trace (>= 6.1)
      Fake.IO.FileSystem (>= 6.1)
      FSharp.Core (>= 8.0.301)
    Farmer (1.9.1)
      FSharp.Core (>= 5.0)
      System.Text.Json (>= 5.0)
    Feliz (2.8)
      Fable.ReactDom.Types (>= 18.2)
      Feliz.CompilerPlugins (>= 2.2)
      FSharp.Core (>= 4.7.2)
    Feliz.Bulma (3.0)
      Feliz (>= 2.4)
      FSharp.Core (>= 4.7.2)
    Feliz.CompilerPlugins (2.2)
      Fable.AST (>= 4.2.1)
      FSharp.Core (>= 4.7.2)
    Feliz.Markdown (2.4)
      Feliz (>= 2.4)
      FSharp.Core (>= 4.7.2)
    Feliz.ReactFlow (0.2.7)
      Feliz (>= 1.61)
    Feliz.Router (4.0)
      Fable.Elmish (>= 4.0)
      Feliz (>= 2.3)
      FSharp.Core (>= 4.7.2)
    FParsec (1.1.1)
      FSharp.Core (>= 4.3.4)
    FSharp.Control.Reactive (5.0.5)
      FSharp.Core (>= 4.7.2)
      System.Reactive (>= 5.0 < 6.0)
    FSharp.Control.Websockets (0.3)
      FSharp.Core (>= 6.0)
      Microsoft.IO.RecyclableMemoryStream (>= 3.0)
    FSharp.Core (8.0.400)
    Giraffe (6.4)
      FSharp.Core (>= 6.0)
      Giraffe.ViewEngine (>= 1.4)
      Microsoft.IO.RecyclableMemoryStream (>= 3.0)
      Newtonsoft.Json (>= 13.0.3)
      System.Text.Json (>= 8.0.3)
    Giraffe.ViewEngine (1.4)
      FSharp.Core (>= 5.0)
    Microsoft.AspNetCore.Authentication.JwtBearer (8.0.5)
      Microsoft.IdentityModel.Protocols.OpenIdConnect (>= 7.1.2)
    Microsoft.Build.Framework (17.9.5)
    Microsoft.Build.Utilities.Core (17.9.5)
      Microsoft.Build.Framework (>= 17.9.5)
      Microsoft.NET.StringTools (>= 17.9.5)
      System.Collections.Immutable (>= 8.0)
      System.Configuration.ConfigurationManager (>= 8.0)
    Microsoft.IdentityModel.Abstractions (8.0.2)
    Microsoft.IdentityModel.JsonWebTokens (8.0.2)
      Microsoft.IdentityModel.Tokens (>= 8.0.2)
    Microsoft.IdentityModel.Logging (8.0.2)
      Microsoft.IdentityModel.Abstractions (>= 8.0.2)
    Microsoft.IdentityModel.Protocols (8.0.2)
      Microsoft.IdentityModel.Tokens (>= 8.0.2)
    Microsoft.IdentityModel.Protocols.OpenIdConnect (8.0.2)
      Microsoft.IdentityModel.Protocols (>= 8.0.2)
      System.IdentityModel.Tokens.Jwt (>= 8.0.2)
    Microsoft.IdentityModel.Tokens (8.0.2)
      Microsoft.IdentityModel.Logging (>= 8.0.2)
    Microsoft.IO.RecyclableMemoryStream (3.0)
    Microsoft.NET.StringTools (17.9.5)
    Microsoft.Win32.Registry (5.0)
      System.Security.AccessControl (>= 5.0)
      System.Security.Principal.Windows (>= 5.0)
    Mono.Cecil (0.11.5)
    Mono.Posix.NETStandard (1.0)
    MSBuild.StructuredLogger (2.2.291)
      Microsoft.Build.Framework (>= 17.5)
      Microsoft.Build.Utilities.Core (>= 17.5)
    Newtonsoft.Json (13.0.3)
    NuGet.Common (6.11)
      NuGet.Frameworks (>= 6.11)
    NuGet.Configuration (6.11)
      NuGet.Common (>= 6.11)
      System.Security.Cryptography.ProtectedData (>= 4.4)
    NuGet.Frameworks (6.11)
    NuGet.Packaging (6.11)
      Newtonsoft.Json (>= 13.0.3)
      NuGet.Configuration (>= 6.11)
      NuGet.Versioning (>= 6.11)
      System.Security.Cryptography.Pkcs (>= 6.0.4)
    NuGet.Protocol (6.11)
      NuGet.Packaging (>= 6.11)
    NuGet.Versioning (6.11)
    Saturn (0.17)
      FSharp.Control.Websockets (>= 0.2.2)
      Giraffe (>= 6.4)
      Microsoft.AspNetCore.Authentication.JwtBearer (>= 6.0.3)
    System.Collections.Immutable (8.0)
    System.Configuration.ConfigurationManager (8.0)
      System.Diagnostics.EventLog (>= 8.0)
      System.Security.Cryptography.ProtectedData (>= 8.0)
    System.Diagnostics.EventLog (8.0)
    System.Formats.Asn1 (8.0)
    System.IdentityModel.Tokens.Jwt (8.0.2)
      Microsoft.IdentityModel.JsonWebTokens (>= 8.0.2)
      Microsoft.IdentityModel.Tokens (>= 8.0.2)
    System.Reactive (5.0)
    System.Security.AccessControl (6.0.1)
    System.Security.Cryptography.Pkcs (8.0)
      System.Formats.Asn1 (>= 8.0)
    System.Security.Cryptography.ProtectedData (8.0)
    System.Security.Principal.Windows (5.0)
    System.Text.Encodings.Web (8.0)
    System.Text.Json (8.0.3)
      System.Text.Encodings.Web (>= 8.0)
    Thoth.Json (10.2)
      Fable.Core (>= 3.6.2)
      FSharp.Core (>= 4.7.2)
    Zanaptak.TypedCssClasses (1.0)
      FSharp.Core (>= 4.3.4)

GROUP Package
STORAGE: NONE
RESTRICTION: == netstandard2.0
NUGET
  remote: https://api.nuget.org/v3/index.json
    Fable.AST (4.2.1)
    Fable.Browser.Blob (1.2)
      Fable.Core (>= 3.0)
      FSharp.Core (>= 4.7.2)
    Fable.Browser.Dom (2.10.1)
      Fable.Browser.Blob (>= 1.2)
      Fable.Browser.Event (>= 1.5)
      Fable.Browser.WebStorage (>= 1.1)
      Fable.Core (>= 3.2.8)
      FSharp.Core (>= 4.7.2)
    Fable.Browser.Event (1.5)
      Fable.Browser.Gamepad (>= 1.1)
      Fable.Core (>= 3.0)
      FSharp.Core (>= 4.7.2)
    Fable.Browser.Gamepad (1.1)
      Fable.Core (>= 3.0)
      FSharp.Core (>= 4.7.2)
    Fable.Browser.WebStorage (1.1)
      Fable.Browser.Event (>= 1.5)
      Fable.Core (>= 3.0)
      FSharp.Core (>= 4.7.2)
    Fable.Core (3.7.1)
    Fable.React.Types (18.1)
      Fable.Browser.Dom (>= 2.4.4)
      Fable.Core (>= 3.2.7)
      FSharp.Core (>= 4.7.2)
    Feliz (2.0)
      Fable.React.Types (>= 18.1)
      Feliz.CompilerPlugins (>= 2.0)
      FSharp.Core (>= 4.7.2)
    Feliz.CompilerPlugins (2.0)
      Fable.AST (>= 4.2.1)
      FSharp.Core (>= 4.7.2)
    FSharp.Core (7.0)
